GIT
  remote: git://github.com/kendagriff/perspective.git
  revision: 9320e8f88760ac6ff2bf4692275c597a404b8f72
  specs:
    perspective (0.0.1)

GEM
  specs:
    activesupport (3.2.13)
      i18n (= 0.6.1)
      multi_json (~> 1.0)
    ansi (1.4.3)
    coderay (1.0.9)
    i18n (0.6.1)
    metaclass (0.0.1)
    method_source (0.8.1)
    minitest (4.7.3)
    mocha (0.13.3)
      metaclass (~> 0.0.1)
    multi_json (1.7.6)
    pry (0.9.12.1)
      coderay (~> 1.0.5)
      method_source (~> 0.8)
      slop (~> 3.4)
    pry-nav (0.2.3)
      pry (~> 0.9.10)
    rake (10.0.4)
    slop (3.4.4)
    turn (0.9.6)
      ansi

PLATFORMS
  ruby

DEPENDENCIES
  activesupport
  minitest
  mocha
  perspective!
  pry
  pry-nav
  rake
  turn
