GEM
  specs:
    activesupport (3.2.9)
      i18n (~> 0.6)
      multi_json (~> 1.0)
    ansi (1.4.3)
    coderay (1.0.8)
    i18n (0.6.1)
    method_source (0.8.1)
    minitest (4.2.0)
    multi_json (1.3.7)
    pry (0.9.10)
      coderay (~> 1.0.5)
      method_source (~> 0.8)
      slop (~> 3.3.1)
    pry-nav (0.2.2)
      pry (~> 0.9.10)
    rake (10.0.0)
    slop (3.3.3)
    turn (0.9.6)
      ansi

PLATFORMS
  ruby

DEPENDENCIES
  activesupport
  minitest
  pry
  pry-nav
  rake
  turn
